GEM
  remote: https://rubygems.org/
  specs:
    commonmarker (0.23.6)

PLATFORMS
  ruby

DEPENDENCIES
  commonmarker (~> 0.23.6)

BUNDLED WITH
   1.16.1
