GEM
  remote: https://rubygems.org/
  specs:
    commonmarker (0.17.9)
      ruby-enum (~> 0.5)
    concurrent-ruby (1.0.5)
    i18n (1.0.0)
      concurrent-ruby (~> 1.0)
    ruby-enum (0.7.2)
      i18n

PLATFORMS
  ruby

DEPENDENCIES
  commonmarker (~> 0.17.9)

BUNDLED WITH
   1.16.1
